GEM
  remote: http://rubygems.org/
  specs:
    addressable (2.2.6)
    coderay (0.9.8)
    data_objects (0.10.6)
      addressable (~> 2.1)
    dm-core (1.1.0)
      addressable (~> 2.2.4)
    dm-do-adapter (1.1.0)
      data_objects (~> 0.10.2)
      dm-core (~> 1.1.0)
    dm-migrations (1.1.0)
      dm-core (~> 1.1.0)
    dm-sqlite-adapter (1.1.0)
      dm-do-adapter (~> 1.1.0)
      do_sqlite3 (~> 0.10.2)
    do_sqlite3 (0.10.6)
      data_objects (= 0.10.6)
    eventmachine (0.12.10)
    linguistics (1.0.8)
    log4r (1.1.9)

PLATFORMS
  ruby

DEPENDENCIES
  coderay
  dm-core
  dm-migrations
  dm-sqlite-adapter
  eventmachine
  linguistics
  log4r
